GEM
  remote: https://rubygems.org/
  specs:
    activesupport (6.1.7.6)
      concurrent-ruby (~> 1.0, >= 1.0.2)
      i18n (>= 1.6, < 2)
      minitest (>= 5.1)
      tzinfo (~> 2.0)
      zeitwerk (~> 2.3)
    addressable (2.8.6)
      public_suffix (>= 2.0.2, < 6.0)
    base64 (0.2.0)
    concurrent-ruby (1.2.3)
    date (3.3.4)
    declarative (0.0.20)
    faraday (2.8.1)
      base64
      faraday-net_http (>= 2.0, < 3.1)
      ruby2_keywords (>= 0.0.4)
    faraday-net_http (3.0.2)
    gems (1.2.0)
    google-api-client (0.53.0)
      google-apis-core (~> 0.1)
      google-apis-generator (~> 0.1)
    google-apis-core (0.11.3)
      addressable (~> 2.5, >= 2.5.1)
      googleauth (>= 0.16.2, < 2.a)
      httpclient (>= 2.8.1, < 3.a)
      mini_mime (~> 1.0)
      representable (~> 3.0)
      retriable (>= 2.0, < 4.a)
      rexml
    google-apis-discovery_v1 (0.14.0)
      google-apis-core (>= 0.11.0, < 2.a)
    google-apis-generator (0.12.0)
      activesupport (>= 5.0)
      gems (~> 1.2)
      google-apis-core (>= 0.11.0, < 2.a)
      google-apis-discovery_v1 (~> 0.5)
      thor (>= 0.20, < 2.a)
    googleauth (1.8.1)
      faraday (>= 0.17.3, < 3.a)
      jwt (>= 1.4, < 3.0)
      multi_json (~> 1.11)
      os (>= 0.9, < 2.0)
      signet (>= 0.16, < 2.a)
    httpclient (2.8.3)
    i18n (1.14.1)
      concurrent-ruby (~> 1.0)
    json (2.7.1)
    jwt (2.7.1)
    mini_mime (1.1.5)
    mini_portile2 (2.8.5)
    minitest (5.21.2)
    multi_json (1.15.0)
    nokogiri (1.13.10)
      mini_portile2 (~> 2.8.0)
      racc (~> 1.4)
    open-uri (0.4.1)
      stringio
      time
      uri
    os (1.1.4)
    public_suffix (5.0.4)
    racc (1.7.3)
    representable (3.2.0)
      declarative (< 0.1.0)
      trailblazer-option (>= 0.1.1, < 0.2.0)
      uber (< 0.2.0)
    retriable (3.1.2)
    rexml (3.2.6)
    ruby2_keywords (0.0.5)
    signet (0.18.0)
      addressable (~> 2.8)
      faraday (>= 0.17.5, < 3.a)
      jwt (>= 1.5, < 3.0)
      multi_json (~> 1.10)
    stringio (3.0.6)
    thor (1.3.0)
    time (0.3.0)
      date
    trailblazer-option (0.1.2)
    tzinfo (2.0.6)
      concurrent-ruby (~> 1.0)
    uber (0.1.0)
    uri (0.13.0)
    zeitwerk (2.6.12)

PLATFORMS
  ruby

DEPENDENCIES
  google-api-client (~> 0.37)
  json
  nokogiri
  open-uri

BUNDLED WITH
   1.17.2
